GEM
  remote: https://rubygems.org/
  specs:
    concurrent-ruby (1.1.5)
    domain_name (0.5.20190701)
      unf (>= 0.0.5, < 1.0.0)
    http-accept (1.7.0)
    http-cookie (1.0.3)
      domain_name (~> 0.5)
    i18n (1.7.0)
      concurrent-ruby (~> 1.0)
    json_resume (1.0.6)
      i18n
      mustache
      pdfkit
      rest-client
      thor
      wkhtmltopdf-binary
    mime-types (3.3)
      mime-types-data (~> 3.2015)
    mime-types-data (3.2019.1009)
    mustache (1.1.1)
    netrc (0.11.0)
    pdfkit (0.8.4.1)
    rake (13.0.1)
    rest-client (2.1.0)
      http-accept (>= 1.7.0, < 2.0)
      http-cookie (>= 1.0.2, < 2.0)
      mime-types (>= 1.16, < 4.0)
      netrc (~> 0.8)
    thor (1.0.1)
    unf (0.1.4)
      unf_ext
    unf_ext (0.0.7.6)
    wkhtmltopdf-binary (0.12.5)

PLATFORMS
  ruby

DEPENDENCIES
  json_resume
  rake

BUNDLED WITH
   1.16.1
