GEM
  remote: https://rubygems.org/
  specs:
    domain_name (0.5.20160615)
      unf (>= 0.0.5, < 1.0.0)
    http-cookie (1.0.2)
      domain_name (~> 0.5)
    i18n (0.7.0)
    json_resume (1.0.4)
      i18n
      mustache
      pdfkit
      rest-client
      thor
      wkhtmltopdf-binary
    mime-types (3.1)
      mime-types-data (~> 3.2015)
    mime-types-data (3.2016.0521)
    mustache (1.0.3)
    netrc (0.11.0)
    pdfkit (0.8.2)
    rake (11.2.2)
    rest-client (2.0.0)
      http-cookie (>= 1.0.2, < 2.0)
      mime-types (>= 1.16, < 4.0)
      netrc (~> 0.8)
    thor (0.19.1)
    unf (0.1.4)
      unf_ext
    unf_ext (0.0.7.2)
    wkhtmltopdf-binary (0.9.9.3)

PLATFORMS
  ruby

DEPENDENCIES
  json_resume
  rake

BUNDLED WITH
   1.11.2
